GEM
  remote: https://rubygems.org/
  specs:
    activemodel (4.1.0)
      activesupport (= 4.1.0)
      builder (~> 3.1)
    activerecord (4.1.0)
      activemodel (= 4.1.0)
      activesupport (= 4.1.0)
      arel (~> 5.0.0)
    activesupport (4.1.0)
      i18n (~> 0.6, >= 0.6.9)
      json (~> 1.7, >= 1.7.7)
      minitest (~> 5.1)
      thread_safe (~> 0.1)
      tzinfo (~> 1.1)
    addressable (2.3.6)
    arel (5.0.1.20140414130214)
    builder (3.2.2)
    coderay (1.1.0)
    database_cleaner (1.2.0)
    dotenv (0.10.0)
    faraday (0.9.0)
      multipart-post (>= 1.2, < 3)
    foreman (0.63.0)
      dotenv (>= 0.7)
      thor (>= 0.13.6)
    hipchat (1.1.0)
      httparty
    httparty (0.13.1)
      json (~> 1.8)
      multi_xml (>= 0.5.2)
    i18n (0.6.9)
    json (1.8.1)
    kgio (2.9.2)
    log4r (1.1.10)
    method_source (0.8.2)
    mime-types (2.2)
    mini_portile (0.6.0)
    minitest (5.3.3)
    multi_xml (0.5.5)
    multimap (1.1.3)
    multipart-post (2.0.0)
    nokogiri (1.6.2.1)
      mini_portile (= 0.6.0)
    octokit (3.2.0)
      sawyer (~> 0.5.3)
    pg (0.17.1)
    pry (0.9.12.6)
      coderay (~> 1.0)
      method_source (~> 0.8)
      slop (~> 3.4)
    rack (1.5.2)
    rack-protection (1.5.3)
      rack
    raindrops (0.13.0)
    rake (10.3.0)
    rest-client (1.6.7)
      mime-types (>= 1.16)
    rufus-scheduler (3.0.8)
      tzinfo
    sawyer (0.5.4)
      addressable (~> 2.3.5)
      faraday (~> 0.8, < 0.10)
    sinatra (1.4.5)
      rack (~> 1.4)
      rack-protection (~> 1.4)
      tilt (~> 1.3, >= 1.3.4)
    slop (3.5.0)
    sqlite3 (1.3.9)
    thor (0.19.1)
    thread_safe (0.3.3)
    tilt (1.4.1)
    tzinfo (1.1.0)
      thread_safe (~> 0.1)
    unicorn (4.8.3)
      kgio (~> 2.6)
      rack
      raindrops (~> 0.7)

PLATFORMS
  ruby

DEPENDENCIES
  activerecord (~> 4.1.0)
  database_cleaner (~> 1.2.0)
  dotenv (~> 0.10.0)
  foreman (~> 0.63.0)
  hipchat (~> 1.1.0)
  log4r (~> 1.1.10)
  multimap (~> 1.1.3)
  nokogiri (~> 1.6.2.1)
  octokit (~> 3.0)
  pg (~> 0.17.1)
  pry (~> 0.9.12)
  rake (~> 10.3.0)
  rest-client (~> 1.6.7)
  rufus-scheduler (~> 3.0.7)
  sinatra (~> 1.4.5)
  sqlite3 (~> 1.3.9)
  unicorn (~> 4.8.3)
